GIT
  remote: https://github.com/lostisland/faraday
  revision: 5acab3623994e6dbcc77f203fe0b5e1f29684874
  specs:
    faraday (1.0.1)
      multipart-post (>= 1.2, < 3)
      ruby2_keywords

PATH
  remote: .
  specs:
    beyond_api (0.9.0.pre)
      faraday (~> 1.0.1)

GEM
  remote: https://rubygems.org/
  specs:
    coderay (1.1.2)
    concurrent-ruby (1.1.5)
    diff-lcs (1.3)
    dotenv (2.7.5)
    faker (2.4.0)
      i18n (~> 1.6.0)
    i18n (1.6.0)
      concurrent-ruby (~> 1.0)
    method_source (0.9.2)
    multipart-post (2.1.1)
    pry (0.12.2)
      coderay (~> 1.1.0)
      method_source (~> 0.9.0)
    rake (10.5.0)
    rspec (3.8.0)
      rspec-core (~> 3.8.0)
      rspec-expectations (~> 3.8.0)
      rspec-mocks (~> 3.8.0)
    rspec-core (3.8.2)
      rspec-support (~> 3.8.0)
    rspec-expectations (3.8.4)
      diff-lcs (>= 1.2.0, < 2.0)
      rspec-support (~> 3.8.0)
    rspec-mocks (3.8.1)
      diff-lcs (>= 1.2.0, < 2.0)
      rspec-support (~> 3.8.0)
    rspec-support (3.8.2)
    ruby2_keywords (0.0.2)
    yard (0.9.20)

PLATFORMS
  ruby

DEPENDENCIES
  beyond_api!
  bundler (~> 2.0)
  dotenv (~> 2.7)
  faker (~> 2.2)
  faraday!
  pry
  rake (~> 10.0)
  rspec (~> 3.0)
  yard (~> 0.9)

BUNDLED WITH
   2.1.4
